{
  "InstitutionName": "University of New Mexico",
  "InstitutionalDepartmentName": "Center for Brain Recovery and Repair",
  "PowerLineFrequency": 60,
  "ManufacturersModelName": "Brain Vision ActiChamp",
  "EEGGround": "AFz",
  "EEGReference": "CPz",
  "EEGChannelCount": 64,
  "TaskName": "VisualWorkingMemory",
  "MiscChannelCount": 65,
  "RecordingType": "continuous",
  "RecordingDuration": 1412.1,
  "SamplingFrequency": 500,
  "EOGChannelCount": 0,
  "ECGChannelCount": 0,
  "EMGChannelCount": 0,
  "SoftwareFilters": "n/a"
}